GEM
  remote: http://rubygems.org/
  specs:
    sass (3.2.7)

PLATFORMS
  ruby

DEPENDENCIES
  bundler (= 1.2.5)
  sass (= 3.2.7)
